GIT
  remote: https://github.com/adhearsion/adhearsion-asterisk.git
  revision: 42656a53e3537a4ed44ab888a9f59d1d119b8faa
  branch: adhearsion-3
  specs:
    adhearsion-asterisk (1.5.1)
      adhearsion (~> 3.0.0.beta)

GIT
  remote: https://github.com/adhearsion/adhearsion.git
  revision: 6db768c4675246a60b116e69de20d352be8cc4b5
  specs:
    adhearsion (3.0.0.rc1)
      activesupport (>= 3.0.0, < 5.0.0)
      adhearsion-loquacious (~> 1.9)
      blather (~> 1.2)
      bundler (~> 1.0)
      celluloid (~> 0.16.0)
      countdownlatch
      deep_merge
      ffi (~> 1.0)
      future-resource (~> 1.0)
      has-guarded-handlers (~> 1.6, >= 1.6.3)
      http (~> 0.9.8)
      i18n (~> 0.6)
      logging (~> 2.0)
      nokogiri (~> 1.5, >= 1.5.6)
      pry
      rake
      reel (~> 0.5.0)
      reel-rack (~> 0.2.0)
      ruby_ami (~> 2.2)
      ruby_jid (~> 1.0)
      ruby_speech (~> 2.3)
      state_machine (~> 1.0)
      thor (~> 0.18.0)
      virtus (~> 1.0)

GIT
  remote: https://github.com/adhearsion/matrioska.git
  revision: 694507f6c4a0c147f2d85d57677e90410a5049e6
  branch: feature/adhearsion-3
  specs:
    matrioska (0.3.0)
      adhearsion (~> 3.0.0.rc1)

GEM
  remote: https://rubygems.org/
  specs:
    activesupport (4.2.11.3)
      i18n (~> 0.7)
      minitest (~> 5.1)
      thread_safe (~> 0.3, >= 0.3.4)
      tzinfo (~> 1.1)
    addressable (2.8.1)
      public_suffix (>= 2.0.2, < 6.0)
    adhearsion-loquacious (1.9.3)
    axiom-types (0.1.1)
      descendants_tracker (~> 0.0.4)
      ice_nine (~> 0.11.0)
      thread_safe (~> 0.3, >= 0.3.1)
    blather (1.2.0)
      activesupport (>= 2.3.11)
      eventmachine (>= 1.0.0)
      girl_friday
      niceogiri (~> 1.0)
      nokogiri (~> 1.5, >= 1.5.6, <= 1.6.1)
    celluloid (0.16.0)
      timers (~> 4.0.0)
    celluloid-io (0.16.2)
      celluloid (>= 0.16.0)
      nio4r (>= 1.1.0)
    coderay (1.1.3)
    coercible (1.0.0)
      descendants_tracker (~> 0.0.1)
    concurrent-ruby (1.2.2)
    connection_pool (1.2.0)
    countdownlatch (1.0.0)
    deep_merge (1.2.2)
    descendants_tracker (0.0.4)
      thread_safe (~> 0.3, >= 0.3.1)
    diff-lcs (1.3)
    domain_name (0.5.20190701)
      unf (>= 0.0.5, < 1.0.0)
    equalizer (0.0.11)
    eventmachine (1.2.7)
    ffi (1.9.14)
    future-resource (1.1.0)
    girl_friday (0.11.2)
      connection_pool (~> 1.0)
      rubinius-actor
    has-guarded-handlers (1.6.3)
    hitimes (2.0.0)
    http (0.9.9)
      addressable (~> 2.3)
      http-cookie (~> 1.0)
      http-form_data (~> 1.0.1)
      http_parser.rb (~> 0.6.0)
    http-cookie (1.0.5)
      domain_name (~> 0.5)
    http-form_data (1.0.3)
    http_parser.rb (0.6.0)
    i18n (0.9.5)
      concurrent-ruby (~> 1.0)
    ice_nine (0.11.2)
    little-plugger (1.1.4)
    logging (2.3.1)
      little-plugger (~> 1.1)
      multi_json (~> 1.14)
    method_source (1.0.0)
    mini_portile (0.5.3)
    minitest (5.18.0)
    multi_json (1.15.0)
    niceogiri (1.1.2)
      nokogiri (~> 1.5)
    nio4r (2.5.8)
    nokogiri (1.6.1)
      mini_portile (~> 0.5.0)
    pry (0.14.2)
      coderay (~> 1.1)
      method_source (~> 1.0)
    public_suffix (5.0.1)
    rack (3.0.4.2)
    rake (13.0.6)
    reel (0.5.0)
      celluloid (>= 0.15.1)
      celluloid-io (>= 0.15.0)
      http (>= 0.6.0.pre)
      http_parser.rb (>= 0.6.0)
      websocket_parser (>= 0.1.6)
    reel-rack (0.2.3)
      rack (>= 1.4.0)
      reel (>= 0.5.0)
    rspec (3.5.0)
      rspec-core (~> 3.5.0)
      rspec-expectations (~> 3.5.0)
      rspec-mocks (~> 3.5.0)
    rspec-core (3.5.4)
      rspec-support (~> 3.5.0)
    rspec-expectations (3.5.0)
      diff-lcs (>= 1.2.0, < 2.0)
      rspec-support (~> 3.5.0)
    rspec-mocks (3.5.0)
      diff-lcs (>= 1.2.0, < 2.0)
      rspec-support (~> 3.5.0)
    rspec-support (3.5.0)
    rubinius-actor (0.0.2)
      rubinius-core-api
    rubinius-core-api (0.0.1)
    ruby_ami (2.4.0)
      celluloid-io (~> 0.13)
    ruby_jid (1.0.0)
    ruby_speech (2.4.0)
      activesupport (>= 3.0.7, < 5.0.0)
      nokogiri (~> 1.6.0)
    state_machine (1.2.0)
    thor (0.18.1)
    thread_safe (0.3.6)
    timers (4.0.4)
      hitimes
    tzinfo (1.2.11)
      thread_safe (~> 0.1)
    unf (0.1.4)
      unf_ext
    unf_ext (0.0.8.2)
    virtus (1.0.5)
      axiom-types (~> 0.1)
      coercible (~> 1.0)
      descendants_tracker (~> 0.0, >= 0.0.3)
      equalizer (~> 0.0, >= 0.0.9)
    websocket_parser (1.0.0)

PLATFORMS
  ruby

DEPENDENCIES
  adhearsion!
  adhearsion-asterisk!
  ffi (= 1.9.14)
  matrioska!
  rspec
  rspec-expectations

BUNDLED WITH
   1.13.7
